GIT
  remote: https://github.com/w-zengtao/dota2-constant-rb.git
  revision: d88b52d0d29f23f25257edfd00ae17856b48529c
  specs:
    dota2-constant (0.1.0)

GEM
  remote: https://gems.ruby-china.com/
  specs:
    actioncable (6.0.1)
      actionpack (= 6.0.1)
      nio4r (~> 2.0)
      websocket-driver (>= 0.6.1)
    actionmailbox (6.0.1)
      actionpack (= 6.0.1)
      activejob (= 6.0.1)
      activerecord (= 6.0.1)
      activestorage (= 6.0.1)
      activesupport (= 6.0.1)
      mail (>= 2.7.1)
    actionmailer (6.0.1)
      actionpack (= 6.0.1)
      actionview (= 6.0.1)
      activejob (= 6.0.1)
      mail (~> 2.5, >= 2.5.4)
      rails-dom-testing (~> 2.0)
    actionpack (6.0.1)
      actionview (= 6.0.1)
      activesupport (= 6.0.1)
      rack (~> 2.0)
      rack-test (>= 0.6.3)
      rails-dom-testing (~> 2.0)
      rails-html-sanitizer (~> 1.0, >= 1.2.0)
    actiontext (6.0.1)
      actionpack (= 6.0.1)
      activerecord (= 6.0.1)
      activestorage (= 6.0.1)
      activesupport (= 6.0.1)
      nokogiri (>= 1.8.5)
    actionview (6.0.1)
      activesupport (= 6.0.1)
      builder (~> 3.1)
      erubi (~> 1.4)
      rails-dom-testing (~> 2.0)
      rails-html-sanitizer (~> 1.1, >= 1.2.0)
    active_model_serializers (0.10.10)
      actionpack (>= 4.1, < 6.1)
      activemodel (>= 4.1, < 6.1)
      case_transform (>= 0.2)
      jsonapi-renderer (>= 0.1.1.beta1, < 0.3)
    active_type (1.3.0)
      activerecord (>= 3.2)
    activejob (6.0.1)
      activesupport (= 6.0.1)
      globalid (>= 0.3.6)
    activemodel (6.0.1)
      activesupport (= 6.0.1)
    activerecord (6.0.1)
      activemodel (= 6.0.1)
      activesupport (= 6.0.1)
    activestorage (6.0.1)
      actionpack (= 6.0.1)
      activejob (= 6.0.1)
      activerecord (= 6.0.1)
      marcel (~> 0.3.1)
    activesupport (6.0.1)
      concurrent-ruby (~> 1.0, >= 1.0.2)
      i18n (>= 0.7, < 2)
      minitest (~> 5.1)
      tzinfo (~> 1.1)
      zeitwerk (~> 2.2)
    addressable (2.7.0)
      public_suffix (>= 2.0.2, < 5.0)
    archive-zip (0.12.0)
      io-like (~> 0.3.0)
    awesome_print (1.8.0)
    bcrypt (3.1.13)
    bindex (0.8.1)
    bootsnap (1.4.5)
      msgpack (~> 1.0)
    builder (3.2.3)
    capybara (3.29.0)
      addressable
      mini_mime (>= 0.1.3)
      nokogiri (~> 1.8)
      rack (>= 1.6.0)
      rack-test (>= 0.6.3)
      regexp_parser (~> 1.5)
      xpath (~> 3.2)
    case_transform (0.2)
      activesupport
    childprocess (3.0.0)
    chromedriver-helper (2.1.1)
      archive-zip (~> 0.10)
      nokogiri (~> 1.8)
    coderay (1.1.2)
    concurrent-ruby (1.1.5)
    connection_pool (2.2.2)
    crass (1.0.5)
    database_cleaner (1.7.0)
    diff-lcs (1.3)
    erubi (1.9.0)
    ethon (0.12.0)
      ffi (>= 1.3.0)
    factory_bot (4.11.1)
      activesupport (>= 3.0.0)
    factory_bot_rails (4.11.1)
      factory_bot (~> 4.11.1)
      railties (>= 3.0.0)
    ffi (1.11.2)
    globalid (0.4.2)
      activesupport (>= 4.2.0)
    hiredis (0.6.3)
    i18n (1.7.0)
      concurrent-ruby (~> 1.0)
    io-like (0.3.0)
    jbuilder (2.9.1)
      activesupport (>= 4.2.0)
    jsonapi-renderer (0.2.2)
    kaminari (1.1.1)
      activesupport (>= 4.1.0)
      kaminari-actionview (= 1.1.1)
      kaminari-activerecord (= 1.1.1)
      kaminari-core (= 1.1.1)
    kaminari-actionview (1.1.1)
      actionview
      kaminari-core (= 1.1.1)
    kaminari-activerecord (1.1.1)
      activerecord
      kaminari-core (= 1.1.1)
    kaminari-core (1.1.1)
    listen (3.1.5)
      rb-fsevent (~> 0.9, >= 0.9.4)
      rb-inotify (~> 0.9, >= 0.9.7)
      ruby_dep (~> 1.2)
    loofah (2.3.1)
      crass (~> 1.0.2)
      nokogiri (>= 1.5.9)
    mail (2.7.1)
      mini_mime (>= 0.1.1)
    marcel (0.3.3)
      mimemagic (~> 0.3.2)
    method_source (0.9.2)
    mimemagic (0.3.3)
    mina (1.2.3)
      open4 (~> 1.3.4)
      rake
    mina-puma (1.1.0)
      mina (~> 1.2.0)
      puma (>= 2.13)
    mini_mime (1.0.2)
    mini_portile2 (2.4.0)
    minitest (5.13.0)
    msgpack (1.3.1)
    mysql2 (0.5.2)
    nest (3.2.0)
      redic
    nio4r (2.5.2)
    nokogiri (1.10.5)
      mini_portile2 (~> 2.4.0)
    ohm (3.1.1)
      nest (~> 3)
      redic (~> 1.5.0)
      stal
    open4 (1.3.4)
    pry (0.12.2)
      coderay (~> 1.1.0)
      method_source (~> 0.9.0)
    pry-rails (0.3.9)
      pry (>= 0.10.4)
    public_suffix (4.0.1)
    puma (3.12.1)
    rack (2.0.7)
    rack-cors (1.1.0)
      rack (>= 2.0.0)
    rack-protection (2.0.7)
      rack
    rack-test (1.1.0)
      rack (>= 1.0, < 3)
    rails (6.0.1)
      actioncable (= 6.0.1)
      actionmailbox (= 6.0.1)
      actionmailer (= 6.0.1)
      actionpack (= 6.0.1)
      actiontext (= 6.0.1)
      actionview (= 6.0.1)
      activejob (= 6.0.1)
      activemodel (= 6.0.1)
      activerecord (= 6.0.1)
      activestorage (= 6.0.1)
      activesupport (= 6.0.1)
      bundler (>= 1.3.0)
      railties (= 6.0.1)
      sprockets-rails (>= 2.0.0)
    rails-dom-testing (2.0.3)
      activesupport (>= 4.2.0)
      nokogiri (>= 1.6)
    rails-html-sanitizer (1.3.0)
      loofah (~> 2.3)
    railties (6.0.1)
      actionpack (= 6.0.1)
      activesupport (= 6.0.1)
      method_source
      rake (>= 0.8.7)
      thor (>= 0.20.3, < 2.0)
    rake (13.0.1)
    rb-fsevent (0.10.3)
    rb-inotify (0.10.0)
      ffi (~> 1.0)
    redic (1.5.3)
      hiredis
    redis (4.1.3)
    redis-objects (1.5.0)
      redis (~> 4.0)
    regexp_parser (1.6.0)
    rsa-tools (0.3.0)
    rspec-core (3.9.0)
      rspec-support (~> 3.9.0)
    rspec-expectations (3.9.0)
      diff-lcs (>= 1.2.0, < 2.0)
      rspec-support (~> 3.9.0)
    rspec-mocks (3.9.0)
      diff-lcs (>= 1.2.0, < 2.0)
      rspec-support (~> 3.9.0)
    rspec-rails (3.9.0)
      actionpack (>= 3.0)
      activesupport (>= 3.0)
      railties (>= 3.0)
      rspec-core (~> 3.9.0)
      rspec-expectations (~> 3.9.0)
      rspec-mocks (~> 3.9.0)
      rspec-support (~> 3.9.0)
    rspec-support (3.9.0)
    ruby_dep (1.5.0)
    rubyzip (2.0.0)
    selenium-webdriver (3.142.6)
      childprocess (>= 0.5, < 4.0)
      rubyzip (>= 1.2.2)
    sidekiq (5.2.5)
      connection_pool (~> 2.2, >= 2.2.2)
      rack (>= 1.5.0)
      rack-protection (>= 1.5.0)
      redis (>= 3.3.5, < 5)
    sidekiq-unique-jobs (6.0.15)
      concurrent-ruby (~> 1.0, >= 1.0.5)
      sidekiq (>= 4.0, < 7.0)
      thor (~> 0)
    spring (2.1.0)
    spring-watcher-listen (2.0.1)
      listen (>= 2.7, < 4.0)
      spring (>= 1.2, < 3.0)
    sprockets (4.0.0)
      concurrent-ruby (~> 1.0)
      rack (> 1, < 3)
    sprockets-rails (3.2.1)
      actionpack (>= 4.0)
      activesupport (>= 4.0)
      sprockets (>= 3.0.0)
    stal (0.3.0)
      redic (~> 1.5)
    thor (0.20.3)
    thread_safe (0.3.6)
    typhoeus (1.3.1)
      ethon (>= 0.9.0)
    tzinfo (1.2.5)
      thread_safe (~> 0.1)
    web-console (4.0.1)
      actionview (>= 6.0.0)
      activemodel (>= 6.0.0)
      bindex (>= 0.4.0)
      railties (>= 6.0.0)
    websocket-driver (0.7.1)
      websocket-extensions (>= 0.1.0)
    websocket-extensions (0.1.4)
    xpath (3.2.0)
      nokogiri (~> 1.8)
    zeitwerk (2.2.1)

PLATFORMS
  ruby

DEPENDENCIES
  active_model_serializers (~> 0.10.7)
  active_type
  awesome_print
  bcrypt (~> 3.1, >= 3.1.12)
  bootsnap (>= 1.1.0)
  capybara (>= 2.15, < 4.0)
  chromedriver-helper
  connection_pool (~> 2.2, >= 2.2.2)
  database_cleaner
  dota2-constant!
  factory_bot_rails (~> 4.10)
  jbuilder (~> 2.5)
  kaminari (~> 1.1, >= 1.1.1)
  listen (>= 3.0.5, < 3.2)
  mina
  mina-puma
  mysql2 (~> 0.5)
  ohm
  pry
  pry-rails
  puma (~> 3.12)
  rack-cors
  rails (~> 6.0)
  redis (~> 4.0)
  redis-objects (~> 1.4, >= 1.4.3)
  rsa-tools
  rspec-rails (~> 3.7)
  selenium-webdriver
  sidekiq (= 5.2.5)
  sidekiq-unique-jobs
  spring
  spring-watcher-listen (~> 2.0.0)
  typhoeus (~> 1.3)
  web-console (>= 3.3.0)

RUBY VERSION
   ruby 2.6.5p114

BUNDLED WITH
   2.0.2
